GEM
  remote: https://rubygems.org/
  specs:
    amq-protocol (2.3.2)
    bunny (2.20.1)
      amq-protocol (~> 2.3, >= 2.3.1)
      sorted_set (~> 1, >= 1.0.2)
    rbtree (0.4.6)
    set (1.0.3)
    sorted_set (1.0.3)
      rbtree
      set (~> 1.0)

PLATFORMS
  x86_64-linux

DEPENDENCIES
  bunny (>= 2.19.0)

RUBY VERSION
   ruby 3.2.0p0

BUNDLED WITH
   2.4.1
